PATH
  remote: .
  specs:
    icl (1.0.0)
      gli (= 2.19.0)
      nokogiri

GEM
  remote: https://rubygems.org/
  specs:
    gli (2.19.0)
    mini_portile2 (2.4.0)
    minitest (5.14.0)
    nokogiri (1.10.8)
      mini_portile2 (~> 2.4.0)
    rake (12.3.2)

PLATFORMS
  ruby

DEPENDENCIES
  icl!
  minitest
  rake

BUNDLED WITH
   2.0.1
