PATH
  remote: .
  specs:
    icl (0.0.1)
      gli (= 2.19.0)
      nokogiri

GEM
  remote: https://rubygems.org/
  specs:
    gli (2.19.0)
    mini_portile2 (2.4.0)
    nokogiri (1.10.7)
      mini_portile2 (~> 2.4.0)
    rake (12.3.2)

PLATFORMS
  ruby

DEPENDENCIES
  icl!
  rake

BUNDLED WITH
   2.0.1
